GIT
  remote: git://github.com/activeadmin/activeadmin.git
  revision: a2cd9604c2d949f5193791045385756cee0c6865
  ref: a2cd960
  specs:
    activeadmin (1.0.0.pre)
      arbre (~> 1.0, >= 1.0.2)
      bourbon
      coffee-rails
      formtastic (~> 3.1)
      formtastic_i18n
      inherited_resources (~> 1.4, != 1.5.0)
      jquery-rails
      jquery-ui-rails (~> 5.0)
      kaminari (~> 0.15)
      rails (>= 3.2, < 4.2)
      ransack (~> 1.3)
      sass-rails

GIT
  remote: git://github.com/rails/web-console.git
  revision: 3775fe0637d51ae8efb110fd9333dd1c86171e53
  specs:
    web-console (2.0.0)
      activemodel (>= 4.0)
      binding_of_caller (>= 0.7.2)
      railties (>= 4.0)
      sprockets-rails (>= 2.0, < 4.0)

GIT
  remote: git://github.com/rism-ch/rails3-jquery-autocomplete.git
  revision: 926174ed1b63de0dbf6d3ff5ce7c89c6ecf266df
  specs:
    rails3-jquery-autocomplete (1.0.14)
      rails (>= 3.0)

GIT
  remote: https://github.com/sunspot/sunspot.git
  revision: 691b42e73beae37e2e05953a1110f4247ec0065c
  specs:
    sunspot (2.1.1)
      pr_geohash (~> 1.0)
      rsolr (~> 1.0.7)
    sunspot_rails (2.1.1)
      nokogiri
      rails (>= 3)
      sunspot (= 2.1.1)
    sunspot_solr (2.1.1)

GEM
  remote: https://rubygems.org/
  specs:
    actionmailer (4.1.9)
      actionpack (= 4.1.9)
      actionview (= 4.1.9)
      mail (~> 2.5, >= 2.5.4)
    actionpack (4.1.9)
      actionview (= 4.1.9)
      activesupport (= 4.1.9)
      rack (~> 1.5.2)
      rack-test (~> 0.6.2)
    actionview (4.1.9)
      activesupport (= 4.1.9)
      builder (~> 3.1)
      erubis (~> 2.7.0)
    activemodel (4.1.9)
      activesupport (= 4.1.9)
      builder (~> 3.1)
    activerecord (4.1.9)
      activemodel (= 4.1.9)
      activesupport (= 4.1.9)
      arel (~> 5.0.0)
    activerecord-import (0.7.0)
      activerecord (>= 3.0)
    activesupport (4.1.9)
      i18n (~> 0.6, >= 0.6.9)
      json (~> 1.7, >= 1.7.7)
      minitest (~> 5.1)
      thread_safe (~> 0.1)
      tzinfo (~> 1.1)
    arbre (1.0.3)
      activesupport (>= 3.0.0)
    arel (5.0.1.20140414130214)
    autoprefixer-rails (5.0.0.1)
      execjs
    awesome_print (1.6.1)
    bcrypt (3.1.9)
    binding_of_caller (0.7.2)
      debug_inspector (>= 0.0.1)
    blacklight (5.8.2)
      bootstrap-sass (~> 3.2)
      deprecation
      kaminari (~> 0.13)
      nokogiri (~> 1.6)
      rails (>= 3.2.6, < 5)
      rsolr (~> 1.0.6)
    blacklight_range_limit (5.0.2)
      blacklight (>= 5.0.0.pre4, < 6)
      jquery-rails
      rails (>= 3.0, < 5.0)
    bootstrap-sass (3.3.3)
      autoprefixer-rails (>= 5.0.0.1)
      sass (>= 3.2.19)
    bourbon (3.2.4)
      sass (~> 3.2)
      thor
    builder (3.2.2)
    cancan (1.6.10)
    coffee-rails (4.0.1)
      coffee-script (>= 2.2.0)
      railties (>= 4.0.0, < 5.0)
    coffee-script (2.3.0)
      coffee-script-source
      execjs
    coffee-script-source (1.8.0)
    debug_inspector (0.0.2)
    deprecation (0.1.0)
      activesupport
    devise (3.4.1)
      bcrypt (~> 3.0)
      orm_adapter (~> 0.1)
      railties (>= 3.2.6, < 5)
      responders
      thread_safe (~> 0.1)
      warden (~> 1.2.3)
    devise-i18n (0.11.3)
    erubis (2.7.0)
    execjs (2.2.2)
    formtastic (3.1.3)
      actionpack (>= 3.2.13)
    formtastic_i18n (0.1.1)
    gruff (0.5.1)
      rmagick
    haml (4.0.6)
      tilt
    haml-rails (0.8.2)
      actionpack (>= 4.0.1)
      activesupport (>= 4.0.1)
      haml (>= 3.1, < 5.0)
      html2haml (>= 1.0.1)
      railties (>= 4.0.1)
    has_scope (0.6.0.rc)
      actionpack (>= 3.2, < 5)
      activesupport (>= 3.2, < 5)
    highline (1.6.21)
    hike (1.2.3)
    html2haml (2.0.0)
      erubis (~> 2.7.0)
      haml (~> 4.0.0)
      nokogiri (~> 1.6.0)
      ruby_parser (~> 3.5)
    i18n (0.7.0)
    inherited_resources (1.5.1)
      actionpack (>= 3.2, < 4.2)
      has_scope (~> 0.6.0.rc)
      railties (>= 3.2, < 4.2)
      responders (~> 1.0)
    jbuilder (1.5.3)
      activesupport (>= 3.0.0)
      multi_json (>= 1.2.0)
    jquery-ace-rails (1.0.1)
    jquery-rails (3.1.2)
      railties (>= 3.0, < 5.0)
      thor (>= 0.14, < 2.0)
    jquery-ui-rails (5.0.3)
      railties (>= 3.2.16)
    json (1.8.2)
    kaminari (0.16.2)
      actionpack (>= 3.0.0)
      activesupport (>= 3.0.0)
    kwalify (0.7.2)
    libv8 (3.16.14.7)
    mail (2.6.3)
      mime-types (>= 1.16, < 3)
    mime-types (2.4.3)
    mini_portile (0.6.2)
    minitest (5.5.1)
    multi_json (1.10.1)
    mysql2 (0.3.17)
    nokogiri (1.6.5)
      mini_portile (~> 0.6.0)
    non-stupid-digest-assets (1.0.4)
    options (2.3.2)
    orm_adapter (0.5.0)
    polyamorous (1.1.0)
      activerecord (>= 3.0)
    pr_geohash (1.0.0)
    progress_bar (1.0.3)
      highline (~> 1.6.1)
      options (~> 2.3.0)
    rack (1.5.2)
    rack-test (0.6.3)
      rack (>= 1.0)
    rails (4.1.9)
      actionmailer (= 4.1.9)
      actionpack (= 4.1.9)
      actionview (= 4.1.9)
      activemodel (= 4.1.9)
      activerecord (= 4.1.9)
      activesupport (= 4.1.9)
      bundler (>= 1.3.0, < 2.0)
      railties (= 4.1.9)
      sprockets-rails (~> 2.0)
    railties (4.1.9)
      actionpack (= 4.1.9)
      activesupport (= 4.1.9)
      rake (>= 0.8.7)
      thor (>= 0.18.1, < 2.0)
    rake (10.4.2)
    ransack (1.6.2)
      actionpack (>= 3.0)
      activerecord (>= 3.0)
      activesupport (>= 3.0)
      i18n
      polyamorous (~> 1.1)
    rdoc (4.2.0)
      json (~> 1.4)
    ref (1.0.5)
    responders (1.1.2)
      railties (>= 3.2, < 4.2)
    rmagick (2.13.2)
    rolify (3.5.2)
    rsolr (1.0.10)
      builder (>= 2.1.2)
    ruby_parser (3.6.4)
      sexp_processor (~> 4.1)
    sass (3.2.19)
    sass-rails (4.0.5)
      railties (>= 4.0.0, < 5.0)
      sass (~> 3.2.2)
      sprockets (~> 2.8, < 3.0)
      sprockets-rails (~> 2.0)
    sdoc (0.4.1)
      json (~> 1.7, >= 1.7.7)
      rdoc (~> 4.0)
    sexp_processor (4.4.5)
    sprockets (2.12.3)
      hike (~> 1.2)
      multi_json (~> 1.0)
      rack (~> 1.0)
      tilt (~> 1.1, != 1.3.0)
    sprockets-rails (2.2.2)
      actionpack (>= 3.0)
      activesupport (>= 3.0)
      sprockets (>= 2.8, < 4.0)
    therubyracer (0.12.1)
      libv8 (~> 3.16.14.0)
      ref
    thor (0.19.1)
    thread_safe (0.3.4)
    tilt (1.4.1)
    turbolinks (2.5.3)
      coffee-rails
    tzinfo (1.2.2)
      thread_safe (~> 0.1)
    uglifier (2.7.0)
      execjs (>= 0.3.0)
      json (>= 1.8.0)
    warden (1.2.3)
      rack (>= 1.0)
    webrick (1.3.1)

PLATFORMS
  ruby

DEPENDENCIES
  activeadmin!
  activerecord-import (>= 0.4.0)
  awesome_print
  blacklight (>= 5.3.0)
  blacklight_range_limit
  cancan
  coffee-rails (~> 4.0.0)
  devise
  devise-i18n
  gruff
  haml-rails (~> 0.8)
  jbuilder (~> 1.2)
  jquery-ace-rails
  jquery-rails
  jquery-ui-rails
  kwalify
  mysql2
  non-stupid-digest-assets
  progress_bar
  rails (~> 4.1.0)
  rails3-jquery-autocomplete!
  rolify
  sass-rails (~> 4.0.0)
  sdoc
  sunspot_rails!
  sunspot_solr
  therubyracer
  turbolinks
  uglifier (>= 1.3.0)
  web-console!
  webrick (~> 1.3.1)
